GEM
  remote: http://rubygems.org/
  specs:
    rack (2.0.5)

PLATFORMS
    x86_64-linux
  ruby

DEPENDENCIES
  rack

BUNDLED WITH
   1.16.4
